GEM
  remote: https://rubygems.org/
  specs:
    highline (1.7.10)
    mysql2 (0.5.1)

PLATFORMS
  ruby

DEPENDENCIES
  highline
  mysql2

BUNDLED WITH
   1.16.2
